GEM
  remote: http://artifactory.blinkbox.local/artifactory/api/gems/bbb-gems/
  remote: http://artifactory.blinkbox.local/artifactory/api/gems/rubygems/
  specs:
    Platform (0.4.0)
    activesupport (4.1.5)
      i18n (~> 0.6, >= 0.6.9)
      json (~> 1.7, >= 1.7.7)
      minitest (~> 5.1)
      thread_safe (~> 0.1)
      tzinfo (~> 1.1)
    addressable (2.3.6)
    awesome_print (1.2.0)
    builder (3.2.2)
    capybara (2.4.1)
      mime-types (>= 1.16)
      nokogiri (>= 1.3.3)
      rack (>= 1.0.0)
      rack-test (>= 0.5.4)
      xpath (~> 2.0)
    capybara-angular (0.0.4)
      capybara
    childprocess (0.5.3)
      ffi (~> 1.0, >= 1.0.11)
    colorize (0.7.3)
    columnize (0.8.9)
    cucumber (1.3.16)
      builder (>= 2.1.2)
      diff-lcs (>= 1.1.3)
      gherkin (~> 2.12)
      multi_json (>= 1.7.5, < 2.0)
      multi_test (>= 0.1.1)
    cucumber-blinkbox (0.3.1)
      activesupport (>= 4.0)
      cucumber (~> 1.3)
      http_capture
      httpclient
    cucumber-helpers (0.0.6)
      activesupport (~> 4.0)
    cucumber-rest (0.0.9)
      activesupport (>= 3.2)
      cucumber (~> 1.3)
      http_capture (~> 0.0, >= 0.0.4)
      multi_json (~> 1.7)
      rack (~> 1.5)
      rspec (~> 2.13)
    cuporter (0.3.14)
      gherkin (>= 1.0.0)
      nokogiri (>= 1.4.1)
    debugger (1.6.8)
      columnize (>= 0.3.1)
      debugger-linecache (~> 1.2.0)
      debugger-ruby_core_source (~> 1.3.5)
    debugger-linecache (1.2.0)
    debugger-ruby_core_source (1.3.5)
    diff-lcs (1.2.5)
    ffi (1.9.3)
    gherkin (2.12.2)
      multi_json (~> 1.3)
    headless (1.0.2)
    http_capture (0.2.0)
    httpclient (2.4.0)
    i18n (0.6.11)
    json (1.8.1)
    mime-types (2.3)
    mini_portile (0.6.0)
    minitest (5.4.1)
    multi_json (1.10.1)
    multi_test (0.1.1)
    nokogiri (1.6.3.1)
      mini_portile (= 0.6.0)
    parallel (1.2.4)
    parallel_tests (1.0.6)
      parallel
    rack (1.5.2)
    rack-test (0.6.2)
      rack (>= 1.0)
    rake (10.3.2)
    retriable (1.4.1)
    rspec (2.99.0)
      rspec-core (~> 2.99.0)
      rspec-expectations (~> 2.99.0)
      rspec-mocks (~> 2.99.0)
    rspec-collection_matchers (1.0.0)
      rspec-expectations (>= 2.99.0.beta1)
    rspec-core (2.99.2)
    rspec-expectations (2.99.2)
      diff-lcs (>= 1.1.3, < 2.0)
    rspec-mocks (2.99.2)
    rubyzip (1.1.6)
    selendroid (0.4.0)
      awesome_print
      colorize
      json
      retriable
      selenium-webdriver
    selenium-webdriver (2.42.0)
      childprocess (>= 0.5.0)
      multi_json (~> 1.0)
      rubyzip (~> 1.0)
      websocket (~> 1.0.4)
    site_prism (2.6)
      addressable (~> 2.3.3)
      capybara (>= 2.1, < 3.0)
    thread_safe (0.3.4)
    tzinfo (1.2.2)
      thread_safe (~> 0.1)
    websocket (1.0.7)
    xpath (2.0.0)
      nokogiri (~> 1.3)

PLATFORMS
  ruby

DEPENDENCIES
  Platform
  activesupport
  capybara (~> 2.4)
  capybara-angular
  cucumber
  cucumber-blinkbox (~> 0.3)
  cucumber-helpers
  cucumber-rest
  cuporter
  debugger
  headless
  httpclient
  i18n
  multi_json
  parallel_tests
  rake
  rspec
  rspec-collection_matchers
  selendroid
  selenium-webdriver (~> 2.39)
  site_prism
