GEM
  remote: https://rubygems.org/
  remote: http://gems.mobcastdev.com/
  specs:
    activesupport (4.0.4)
      i18n (~> 0.6, >= 0.6.9)
      minitest (~> 4.2)
      multi_json (~> 1.3)
      thread_safe (~> 0.1)
      tzinfo (~> 0.3.37)
    addressable (2.3.6)
    awesome_print (1.2.0)
    builder (3.2.2)
    capybara (2.2.1)
      mime-types (>= 1.16)
      nokogiri (>= 1.3.3)
      rack (>= 1.0.0)
      rack-test (>= 0.5.4)
      xpath (~> 2.0)
    childprocess (0.5.2)
      ffi (~> 1.0, >= 1.0.11)
    colorize (0.7.1)
    columnize (0.3.6)
    cucumber (1.3.14)
      builder (>= 2.1.2)
      diff-lcs (>= 1.1.3)
      gherkin (~> 2.12)
      multi_json (>= 1.7.5, < 2.0)
      multi_test (>= 0.1.1)
    cucumber-blinkbox (0.2.2)
      activesupport (>= 4.0)
      cucumber (~> 1.3)
      http_capture
      httpclient
    cucumber-helpers (0.0.4)
      activesupport (~> 4.0)
    cucumber-rest (0.0.9)
      activesupport (>= 3.2)
      cucumber (~> 1.3)
      http_capture (~> 0.0, >= 0.0.4)
      multi_json (~> 1.7)
      rack (~> 1.5)
      rspec (~> 2.13)
    cuporter (0.3.14)
      gherkin (>= 1.0.0)
      nokogiri (>= 1.4.1)
    debugger (1.6.6)
      columnize (>= 0.3.1)
      debugger-linecache (~> 1.2.0)
      debugger-ruby_core_source (~> 1.3.2)
    debugger-linecache (1.2.0)
    debugger-ruby_core_source (1.3.2)
    diff-lcs (1.2.5)
    ffi (1.9.3)
    gherkin (2.12.2)
      multi_json (~> 1.3)
    http_capture (0.1.0)
    httpclient (2.3.4.1)
    i18n (0.6.9)
    json (1.8.1)
    mime-types (2.2)
    mini_portile (0.5.3)
    minitest (4.7.5)
    multi_json (1.9.2)
    multi_test (0.1.1)
    nokogiri (1.6.1)
      mini_portile (~> 0.5.0)
    parallel (1.0.0)
    parallel_tests (0.16.10)
      parallel
    rack (1.5.2)
    rack-test (0.6.2)
      rack (>= 1.0)
    retriable (1.4.1)
    rspec (2.14.1)
      rspec-core (~> 2.14.0)
      rspec-expectations (~> 2.14.0)
      rspec-mocks (~> 2.14.0)
    rspec-core (2.14.8)
    rspec-expectations (2.14.5)
      diff-lcs (>= 1.1.3, < 2.0)
    rspec-mocks (2.14.6)
    rubyzip (1.1.3)
    selendroid (0.4.0)
      awesome_print
      colorize
      json
      retriable
      selenium-webdriver
    selenium-webdriver (2.41.0)
      childprocess (>= 0.5.0)
      multi_json (~> 1.0)
      rubyzip (~> 1.0)
      websocket (~> 1.0.4)
    site_prism (2.6)
      addressable (~> 2.3.3)
      capybara (>= 2.1, < 3.0)
    thread_safe (0.3.3)
    tzinfo (0.3.39)
    websocket (1.0.7)
    xpath (2.0.0)
      nokogiri (~> 1.3)

PLATFORMS
  ruby

DEPENDENCIES
  activesupport
  capybara (~> 2.2.1)
  cucumber
  cucumber-blinkbox (~> 0.2.0)
  cucumber-helpers
  cucumber-rest
  cuporter
  debugger
  httpclient
  i18n
  multi_json
  parallel_tests
  rspec
  selendroid (~> 0.4.0)
  selenium-webdriver (~> 2.39)
  site_prism
